{
    "dataset": "ISLES_22",
    "ImageType": [
        "ORIGINAL",
        "PRIMARY",
        "M_IR",
        "M",
        "IR"
    ],
    "Modality": "MR",
    "Manufacturer": "Philips Medical Systems",
    "ManufacturerModelName": "Achieva dStream",
    "PatientSex": "F",
    "PatientAge": "087Y",
    "PatientWeight": 56.0,
    "BodyPartExamined": "BRAIN",
    "ScanningSequence": "IR",
    "SequenceVariant": "SK",
    "ScanOptions": "FS",
    "MRAcquisitionType": "2D",
    "SliceThickness": 4.0,
    "RepetitionTime": 12000.0,
    "EchoTime": 140.0,
    "InversionTime": 2850.0,
    "NumberOfAverages": 2.0,
    "ImagingFrequency": 127.766752,
    "ImagedNucleus": "1H",
    "EchoNumbers": 1,
    "MagneticFieldStrength": 3.0,
    "SpacingBetweenSlices": 5.0,
    "NumberOfPhaseEncodingSteps": 288,
    "EchoTrainLength": 29,
    "PercentSampling": 100.0,
    "PercentPhaseFieldOfView": 100.0,
    "PixelBandwidth": 177.0,
    "ReconstructionDiameter": 230.0,
    "ReceiveCoilName": "MULTI COIL",
    "AcquisitionMatrix": [
        0,
        288,
        288,
        0
    ],
    "FlipAngle": 90.0,
    "PatientPosition": "HFS",
    "AcquisitionDuration": 168.0,
    "DiffusionBValue": 0.0,
    "DiffusionGradientOrientation": [
        0.0,
        0.0,
        0.0
    ],
    "ImagePositionPatient": [
        -116.95405047402,
        -120.27089942489,
        25.2425742311898
    ],
    "ImageOrientationPatient": [
        0.99861794710159,
        -0.0410635434091,
        -0.032802440226,
        0.03161988034844,
        0.96795749664306,
        -0.2491152584552
    ],
    "Rows": 512,
    "Columns": 512
}