{
    "dataset": "ISLES_22",
    "ImageType": [
        "ORIGINAL",
        "PRIMARY",
        "M_SE",
        "M",
        "SE"
    ],
    "Modality": "MR",
    "Manufacturer": "Philips Medical Systems",
    "ManufacturerModelName": "Achieva dStream",
    "PatientSex": "M",
    "PatientAge": "052Y",
    "PatientWeight": 85.0,
    "BodyPartExamined": "BRAIN",
    "ScanningSequence": "SE",
    "SequenceVariant": "SK",
    "ScanOptions": "FS",
    "MRAcquisitionType": "2D",
    "SliceThickness": 2.0,
    "RepetitionTime": 9860.17578125,
    "EchoTime": 55.0,
    "NumberOfAverages": 2.0,
    "ImagingFrequency": 127.765384,
    "ImagedNucleus": "1H",
    "EchoNumbers": 1,
    "MagneticFieldStrength": 3.0,
    "SpacingBetweenSlices": 2.0,
    "NumberOfPhaseEncodingSteps": 110,
    "EchoTrainLength": 55,
    "PercentSampling": 100.0,
    "PercentPhaseFieldOfView": 100.0,
    "PixelBandwidth": 2969.0,
    "ReconstructionDiameter": 224.0,
    "ReceiveCoilName": "MULTI COIL",
    "AcquisitionMatrix": [
        112,
        0,
        0,
        110
    ],
    "FlipAngle": 90.0,
    "PatientPosition": "HFS",
    "AcquisitionDuration": 357.7953186035156,
    "DiffusionBValue": 800.0,
    "DiffusionGradientOrientation": [
        0.0,
        0.0,
        0.0
    ],
    "ImagePositionPatient": [
        -102.54690933646,
        -88.747341934096,
        60.4503824720159
    ],
    "ImageOrientationPatient": [
        0.99546617269515,
        0.004800576251,
        -0.094994738698,
        -0.0522640272974,
        0.8620508313179,
        -0.5041198134422
    ],
    "Rows": 256,
    "Columns": 256
}