{
    "dataset": "ISLES_22",
    "ImageType": [
        "ORIGINAL",
        "PRIMARY",
        "M_IR",
        "M",
        "IR"
    ],
    "Modality": "MR",
    "Manufacturer": "Philips Medical Systems",
    "ManufacturerModelName": "Achieva dStream",
    "PatientSex": "F",
    "PatientAge": "082Y",
    "PatientWeight": 70.0,
    "BodyPartExamined": "BRAIN",
    "ScanningSequence": "IR",
    "SequenceVariant": "SK",
    "ScanOptions": "FS",
    "MRAcquisitionType": "3D",
    "SliceThickness": 1.0,
    "RepetitionTime": 4800.0,
    "EchoTime": 292.651,
    "InversionTime": 1650.0,
    "NumberOfAverages": 2.0,
    "ImagingFrequency": 127.763944,
    "ImagedNucleus": "1H",
    "EchoNumbers": 1,
    "MagneticFieldStrength": 3.0,
    "SpacingBetweenSlices": 0.712,
    "NumberOfPhaseEncodingSteps": 250,
    "EchoTrainLength": 170,
    "PercentSampling": 77.9164810180664,
    "PercentPhaseFieldOfView": 100.0,
    "PixelBandwidth": 1127.0,
    "ReconstructionDiameter": 250.0,
    "ReceiveCoilName": "MULTI COIL",
    "AcquisitionMatrix": [
        0,
        252,
        250,
        0
    ],
    "FlipAngle": 90.0,
    "PatientPosition": "HFS",
    "AcquisitionDuration": 235.20001220703125,
    "DiffusionBValue": 0.0,
    "DiffusionGradientOrientation": [
        0.0,
        0.0,
        0.0
    ],
    "ImagePositionPatient": [
        -27.71312991578,
        -100.45241731743,
        132.764553436415
    ],
    "ImageOrientationPatient": [
        -0.0989957004785,
        0.9205612540245,
        -0.3778449594974,
        -0.0728006288409,
        -0.3853927254676,
        -0.9198763370513
    ],
    "Rows": 352,
    "Columns": 352
}