{
    "dataset": "ISLES_22",
    "ImageType": [
        "ORIGINAL",
        "PRIMARY",
        "PROJECTION IMAGE",
        "M",
        "IR"
    ],
    "Modality": "MR",
    "Manufacturer": "Philips Medical Systems",
    "ManufacturerModelName": "Achieva dStream",
    "PatientSex": "M",
    "PatientAge": "077Y",
    "PatientWeight": 80.0,
    "BodyPartExamined": "BRAIN",
    "ScanningSequence": "IR",
    "SequenceVariant": "SK",
    "ScanOptions": "FS",
    "MRAcquisitionType": "3D",
    "SliceThickness": 1.0,
    "RepetitionTime": 4800.0,
    "EchoTime": 287.552,
    "InversionTime": 1650.0,
    "NumberOfAverages": 2.0,
    "ImagingFrequency": 127.760776,
    "ImagedNucleus": "1H",
    "EchoNumbers": 1,
    "MagneticFieldStrength": 3.0,
    "SpacingBetweenSlices": 1.0,
    "NumberOfPhaseEncodingSteps": 250,
    "EchoTrainLength": 170,
    "PercentSampling": 77.9164810180664,
    "PercentPhaseFieldOfView": 100.0,
    "PixelBandwidth": 1210.0,
    "ReconstructionDiameter": 240.0,
    "ReceiveCoilName": "MULTI COIL",
    "AcquisitionMatrix": [
        0,
        252,
        250,
        0
    ],
    "FlipAngle": 90.0,
    "PatientPosition": "HFS",
    "AcquisitionDuration": 235.20001220703125,
    "DiffusionBValue": 0.0,
    "DiffusionGradientOrientation": [
        0.0,
        0.0,
        0.0
    ],
    "ImagePositionPatient": [
        -129.20091749824,
        -124.59936176242,
        -41.288099193916
    ],
    "ImageOrientationPatient": [
        0.99243394517496,
        -0.0876165633791,
        0.08601280303592,
        0.10972661515113,
        0.94724537983139,
        -0.3011415951268
    ],
    "Rows": 352,
    "Columns": 352
}