{
    "dataset": "ISLES_22",
    "ImageType": [
        "ORIGINAL",
        "PRIMARY",
        "M_IR",
        "M",
        "IR"
    ],
    "Modality": "MR",
    "Manufacturer": "Philips Medical Systems",
    "ManufacturerModelName": "Achieva dStream",
    "PatientSex": "M",
    "PatientAge": "078Y",
    "PatientWeight": 75.0,
    "BodyPartExamined": "BRAIN",
    "ScanningSequence": "IR",
    "SequenceVariant": "SK",
    "ScanOptions": "FS",
    "MRAcquisitionType": "2D",
    "SliceThickness": 4.0,
    "RepetitionTime": 12000.0,
    "EchoTime": 140.0,
    "InversionTime": 2850.0,
    "NumberOfAverages": 2.0,
    "ImagingFrequency": 127.766776,
    "ImagedNucleus": "1H",
    "EchoNumbers": 1,
    "MagneticFieldStrength": 3.0,
    "SpacingBetweenSlices": 5.0,
    "NumberOfPhaseEncodingSteps": 288,
    "EchoTrainLength": 29,
    "PercentSampling": 100.0,
    "PercentPhaseFieldOfView": 100.0,
    "PixelBandwidth": 178.0,
    "ReconstructionDiameter": 230.0,
    "ReceiveCoilName": "MULTI COIL",
    "AcquisitionMatrix": [
        0,
        288,
        288,
        0
    ],
    "FlipAngle": 90.0,
    "PatientPosition": "HFS",
    "AcquisitionDuration": 168.0,
    "DiffusionBValue": 0.0,
    "DiffusionGradientOrientation": [
        0.0,
        0.0,
        0.0
    ],
    "ImagePositionPatient": [
        -109.37465996506,
        -116.1652801697,
        36.1193874954479
    ],
    "ImageOrientationPatient": [
        0.99614542722702,
        0.0748987570405,
        0.04565620422363,
        -0.0584812387824,
        0.9550158381462,
        -0.2907312512397
    ],
    "Rows": 512,
    "Columns": 512
}