{
    "dataset": "ISLES_22",
    "ImageType": [
        "ORIGINAL",
        "PRIMARY",
        "M",
        "ND",
        "NORM"
    ],
    "Modality": "MR",
    "Manufacturer": "SIEMENS",
    "ManufacturerModelName": "Verio",
    "PatientSex": "M",
    "PatientAge": "041Y",
    "PatientWeight": 95.0,
    "ScanningSequence": [
        "SE",
        "IR"
    ],
    "SequenceVariant": [
        "SK",
        "SP",
        "MP"
    ],
    "ScanOptions": [
        "IR",
        "PFP"
    ],
    "MRAcquisitionType": "3D",
    "SliceThickness": 1.0,
    "RepetitionTime": 5000.0,
    "EchoTime": 395.0,
    "InversionTime": 1800.0,
    "NumberOfAverages": 1.0,
    "ImagingFrequency": 123.1903,
    "ImagedNucleus": "1H",
    "EchoNumbers": 1,
    "MagneticFieldStrength": 3.0,
    "NumberOfPhaseEncodingSteps": 234,
    "EchoTrainLength": 141,
    "PercentSampling": 100.7813,
    "PercentPhaseFieldOfView": 100.0,
    "PixelBandwidth": 781.0,
    "AcquisitionMatrix": [
        0,
        256,
        258,
        0
    ],
    "FlipAngle": 120.0,
    "PatientPosition": "HFS",
    "ImagePositionPatient": [
        -104.54288762999,
        -108.89757016516,
        96.929079974142
    ],
    "ImageOrientationPatient": [
        0.05233599095341,
        0.99862953293547,
        2.8760993e-08,
        0.03310974540534,
        -0.0017351805987,
        -0.9994502158224
    ],
    "Rows": 256,
    "Columns": 256
}