{
    "dataset": "ISLES_22",
    "ImageType": [
        "ORIGINAL",
        "PRIMARY",
        "M_IR",
        "M",
        "IR"
    ],
    "Modality": "MR",
    "Manufacturer": "Philips Medical Systems",
    "ManufacturerModelName": "Achieva dStream",
    "PatientSex": "M",
    "PatientAge": "082Y",
    "PatientWeight": 70.0,
    "BodyPartExamined": "BRAIN",
    "ScanningSequence": "IR",
    "SequenceVariant": "SK",
    "ScanOptions": "FS",
    "MRAcquisitionType": "3D",
    "SliceThickness": 0.998,
    "RepetitionTime": 4800.0,
    "EchoTime": 270.006,
    "InversionTime": 1650.0,
    "NumberOfAverages": 2.0,
    "ImagingFrequency": 127.75944,
    "ImagedNucleus": "1H",
    "EchoNumbers": 1,
    "MagneticFieldStrength": 3.0,
    "SpacingBetweenSlices": 0.712,
    "NumberOfPhaseEncodingSteps": 240,
    "EchoTrainLength": 170,
    "PercentSampling": 78.5398178100586,
    "PercentPhaseFieldOfView": 100.0,
    "PixelBandwidth": 1270.0,
    "ReconstructionDiameter": 240.0,
    "ReceiveCoilName": "MULTI COIL",
    "AcquisitionMatrix": [
        0,
        240,
        240,
        0
    ],
    "FlipAngle": 90.0,
    "PatientPosition": "HFS",
    "AcquisitionDuration": 321.6000061035156,
    "DiffusionBValue": 0.0,
    "DiffusionGradientOrientation": [
        0.0,
        0.0,
        0.0
    ],
    "ImagePositionPatient": [
        -55.59904783931,
        -164.83527261209,
        121.230088891456
    ],
    "ImageOrientationPatient": [
        -0.0556159205734,
        0.9984278678894,
        -0.006979027763,
        0.03665639087557,
        -0.004943344742,
        -0.9993156790733
    ],
    "Rows": 336,
    "Columns": 336
}