{
    "dataset": "ISLES_22",
    "ImageType": [
        "ORIGINAL",
        "PRIMARY",
        "ADC_UNSPECIFIED",
        "ADC",
        "UNSPECIFIED"
    ],
    "Modality": "MR",
    "Manufacturer": "Philips Medical Systems",
    "ManufacturerModelName": "Achieva dStream",
    "PatientSex": "M",
    "PatientAge": "050Y",
    "PatientWeight": 103.0,
    "BodyPartExamined": "BRAIN",
    "ScanningSequence": "RM",
    "SequenceVariant": "SK",
    "ScanOptions": "FS",
    "MRAcquisitionType": "2D",
    "SliceThickness": 2.0,
    "RepetitionTime": 5000.00048828125,
    "EchoTime": 78.0,
    "NumberOfAverages": 1.0,
    "ImagingFrequency": 127.760728,
    "ImagedNucleus": "1H",
    "EchoNumbers": 1,
    "MagneticFieldStrength": 3.0,
    "SpacingBetweenSlices": 2.0,
    "NumberOfPhaseEncodingSteps": 110,
    "EchoTrainLength": 55,
    "PercentSampling": 100.0,
    "PercentPhaseFieldOfView": 100.0,
    "PixelBandwidth": 2974.0,
    "ReconstructionDiameter": 224.0,
    "ReceiveCoilName": "MULTI COIL",
    "AcquisitionMatrix": [
        112,
        0,
        0,
        110
    ],
    "FlipAngle": 90.0,
    "PatientPosition": "HFS",
    "AcquisitionDuration": 335.9059753417969,
    "DiffusionBValue": 0.0,
    "DiffusionGradientOrientation": [
        0.0,
        0.0,
        0.0
    ],
    "ImagePositionPatient": [
        -102.45634838193,
        -122.46095915883,
        82.4788570590317
    ],
    "ImageOrientationPatient": [
        0.99706602096557,
        0.07007596641778,
        -0.0308018736541,
        -0.0759207233786,
        0.9566723704338,
        -0.2810942530632
    ],
    "Rows": 112,
    "Columns": 112
}