{
    "dataset": "ISLES_22",
    "ImageType": [
        "ORIGINAL",
        "PRIMARY",
        "M_IR",
        "M",
        "IR"
    ],
    "Modality": "MR",
    "Manufacturer": "Philips Medical Systems",
    "ManufacturerModelName": "Achieva dStream",
    "PatientSex": "F",
    "PatientAge": "087Y",
    "PatientWeight": 50.0,
    "BodyPartExamined": "BRAIN",
    "ScanningSequence": "IR",
    "SequenceVariant": "SK",
    "ScanOptions": "FS",
    "MRAcquisitionType": "3D",
    "SliceThickness": 1.0,
    "RepetitionTime": 4800.0,
    "EchoTime": 294.994,
    "InversionTime": 1650.0,
    "NumberOfAverages": 2.0,
    "ImagingFrequency": 127.757504,
    "ImagedNucleus": "1H",
    "EchoNumbers": 1,
    "MagneticFieldStrength": 3.0,
    "SpacingBetweenSlices": 0.712,
    "NumberOfPhaseEncodingSteps": 250,
    "EchoTrainLength": 170,
    "PercentSampling": 77.9164810180664,
    "PercentPhaseFieldOfView": 100.0,
    "PixelBandwidth": 1181.0,
    "ReconstructionDiameter": 250.0,
    "ReceiveCoilName": "MULTI COIL",
    "AcquisitionMatrix": [
        0,
        252,
        250,
        0
    ],
    "FlipAngle": 90.0,
    "PatientPosition": "HFS",
    "AcquisitionDuration": 235.20001220703125,
    "DiffusionBValue": 0.0,
    "DiffusionGradientOrientation": [
        0.0,
        0.0,
        0.0
    ],
    "ImagePositionPatient": [
        -74.74888480887,
        -125.78549105132,
        142.148688394462
    ],
    "ImageOrientationPatient": [
        -0.1346992254257,
        0.94076091051101,
        -0.3111671805381,
        0.16554698348045,
        -0.2882496714591,
        -0.9431363940238
    ],
    "Rows": 352,
    "Columns": 352
}