{
    "dataset": "ISLES_22",
    "ImageType": [
        "ORIGINAL",
        "PRIMARY",
        "M_IR",
        "M",
        "IR"
    ],
    "Modality": "MR",
    "Manufacturer": "Philips Medical Systems",
    "ManufacturerModelName": "Achieva dStream",
    "PatientSex": "F",
    "PatientAge": "068Y",
    "PatientWeight": 90.0,
    "BodyPartExamined": "BRAIN",
    "ScanningSequence": "IR",
    "SequenceVariant": "SK",
    "ScanOptions": "FS",
    "MRAcquisitionType": "2D",
    "SliceThickness": 4.0,
    "RepetitionTime": 12000.0,
    "EchoTime": 120.0,
    "InversionTime": 2850.0,
    "NumberOfAverages": 1.0,
    "ImagingFrequency": 127.766016,
    "ImagedNucleus": "1H",
    "EchoNumbers": 1,
    "MagneticFieldStrength": 3.0,
    "SpacingBetweenSlices": 5.0,
    "NumberOfPhaseEncodingSteps": 184,
    "EchoTrainLength": 41,
    "PercentSampling": 80.2083358764648,
    "PercentPhaseFieldOfView": 80.0,
    "PixelBandwidth": 336.0,
    "ReconstructionDiameter": 230.0,
    "ReceiveCoilName": "MULTI COIL",
    "AcquisitionMatrix": [
        0,
        240,
        184,
        0
    ],
    "FlipAngle": 90.0,
    "PatientPosition": "HFS",
    "AcquisitionDuration": 108.0,
    "DiffusionBValue": 0.0,
    "DiffusionGradientOrientation": [
        0.0,
        0.0,
        0.0
    ],
    "ImagePositionPatient": [
        -119.83174535834,
        -127.65997207764,
        -47.01107936529
    ],
    "ImageOrientationPatient": [
        0.99329727888107,
        -0.0852067321538,
        0.07810479402542,
        0.09811589121818,
        0.97875416278839,
        -0.1800376176834
    ],
    "Rows": 400,
    "Columns": 400
}