{
    "dataset": "ISLES_22",
    "ImageType": [
        "ORIGINAL",
        "PRIMARY",
        "ADC",
        "ADC",
        "UNSPECIFIED"
    ],
    "Modality": "MR",
    "Manufacturer": "Philips Medical Systems",
    "ManufacturerModelName": "Achieva",
    "PatientSex": "M",
    "PatientWeight": 87.0,
    "BodyPartExamined": "BRAIN",
    "ScanningSequence": "RM",
    "SequenceVariant": "SK",
    "ScanOptions": "FS",
    "MRAcquisitionType": "2D",
    "SliceThickness": 2.0,
    "RepetitionTime": 7834.2138671875,
    "EchoTime": 55.0,
    "NumberOfAverages": 2.0,
    "ImagingFrequency": 127.740127,
    "ImagedNucleus": "1H",
    "EchoNumbers": 1,
    "MagneticFieldStrength": 3.0,
    "SpacingBetweenSlices": 2.0,
    "NumberOfPhaseEncodingSteps": 112,
    "EchoTrainLength": 59,
    "PercentSampling": 100.0,
    "PercentPhaseFieldOfView": 100.0,
    "PixelBandwidth": 2970.0,
    "ReconstructionDiameter": 0.0,
    "ReceiveCoilName": "SENSE-Head-8",
    "AcquisitionMatrix": [
        112,
        0,
        0,
        112
    ],
    "FlipAngle": 90.0,
    "PatientPosition": "HFS",
    "AcquisitionDuration": 131.69676208496094,
    "DiffusionBValue": 0.0,
    "DiffusionGradientOrientation": [
        0.0,
        0.0,
        0.0
    ],
    "ImagePositionPatient": [
        -102.0145612107,
        -116.41405226911,
        70.9830543748103
    ],
    "ImageOrientationPatient": [
        0.99588912725448,
        0.00354914437048,
        -0.0905108451843,
        -0.0120029980316,
        0.99559104442596,
        -0.0930292829871
    ],
    "Rows": 256,
    "Columns": 256
}