{
    "dataset": "ISLES_22",
    "ImageType": [
        "ORIGINAL",
        "PRIMARY",
        "M_IR",
        "M",
        "IR"
    ],
    "Modality": "MR",
    "Manufacturer": "Philips Medical Systems",
    "ManufacturerModelName": "Achieva dStream",
    "PatientSex": "F",
    "PatientAge": "066Y",
    "PatientWeight": 50.0,
    "BodyPartExamined": "BRAIN",
    "ScanningSequence": "IR",
    "SequenceVariant": "SK",
    "ScanOptions": "FS",
    "MRAcquisitionType": "3D",
    "SliceThickness": 1.0,
    "RepetitionTime": 4800.0,
    "EchoTime": 267.741,
    "InversionTime": 1650.0,
    "NumberOfAverages": 2.0,
    "ImagingFrequency": 127.760688,
    "ImagedNucleus": "1H",
    "EchoNumbers": 1,
    "MagneticFieldStrength": 3.0,
    "SpacingBetweenSlices": 0.712,
    "NumberOfPhaseEncodingSteps": 250,
    "EchoTrainLength": 170,
    "PercentSampling": 77.9164810180664,
    "PercentPhaseFieldOfView": 100.0,
    "PixelBandwidth": 1305.0,
    "ReconstructionDiameter": 250.0,
    "ReceiveCoilName": "MULTI COIL",
    "AcquisitionMatrix": [
        0,
        252,
        250,
        0
    ],
    "FlipAngle": 90.0,
    "PatientPosition": "HFS",
    "AcquisitionDuration": 235.20001220703125,
    "DiffusionBValue": 0.0,
    "DiffusionGradientOrientation": [
        0.0,
        0.0,
        0.0
    ],
    "ImagePositionPatient": [
        -35.685541283544,
        -139.30334558876,
        142.385575179315
    ],
    "ImageOrientationPatient": [
        -0.0229480750858,
        0.99741232395172,
        0.06813263893127,
        -0.0356996022164,
        0.06728957593441,
        -0.997094631195
    ],
    "Rows": 352,
    "Columns": 352
}