{
    "dataset": "ISLES_22",
    "ImageType": [
        "ORIGINAL",
        "PRIMARY",
        "M_IR",
        "M",
        "IR"
    ],
    "Modality": "MR",
    "Manufacturer": "Philips Medical Systems",
    "ManufacturerModelName": "Achieva dStream",
    "PatientSex": "M",
    "PatientAge": "052Y",
    "PatientWeight": 75.0,
    "BodyPartExamined": "BRAIN",
    "ScanningSequence": "IR",
    "SequenceVariant": "SK",
    "ScanOptions": "FS",
    "MRAcquisitionType": "2D",
    "SliceThickness": 4.0,
    "RepetitionTime": 12000.0,
    "EchoTime": 140.0,
    "InversionTime": 2850.0,
    "NumberOfAverages": 2.0,
    "ImagingFrequency": 127.767488,
    "ImagedNucleus": "1H",
    "EchoNumbers": 1,
    "MagneticFieldStrength": 3.0,
    "SpacingBetweenSlices": 5.0,
    "NumberOfPhaseEncodingSteps": 289,
    "EchoTrainLength": 38,
    "PercentSampling": 100.347221374511,
    "PercentPhaseFieldOfView": 100.0,
    "PixelBandwidth": 270.0,
    "ReconstructionDiameter": 231.0,
    "ReceiveCoilName": "MULTI COIL",
    "AcquisitionMatrix": [
        0,
        288,
        289,
        0
    ],
    "FlipAngle": 90.0,
    "PatientPosition": "HFS",
    "AcquisitionDuration": 180.0,
    "DiffusionBValue": 0.0,
    "DiffusionGradientOrientation": [
        0.0,
        0.0,
        0.0
    ],
    "ImagePositionPatient": [
        -111.78659856586,
        -133.07708715468,
        48.3169455103414
    ],
    "ImageOrientationPatient": [
        0.99969780445098,
        0.02269634231925,
        -0.0094460593536,
        -0.0245265997946,
        0.94695842266082,
        -0.3204187452793
    ],
    "Rows": 528,
    "Columns": 528
}