{
    "dataset": "ISLES_22",
    "ImageType": [
        "ORIGINAL",
        "PRIMARY",
        "M_IR",
        "M",
        "IR"
    ],
    "Modality": "MR",
    "Manufacturer": "Philips Medical Systems",
    "ManufacturerModelName": "Achieva",
    "PatientSex": "M",
    "PatientWeight": 85.0,
    "BodyPartExamined": "BRAIN",
    "ScanningSequence": "IR",
    "SequenceVariant": "SK",
    "ScanOptions": "FS",
    "MRAcquisitionType": "2D",
    "SliceThickness": 4.0,
    "RepetitionTime": 12000.0,
    "EchoTime": 140.0,
    "InversionTime": 2850.0,
    "NumberOfAverages": 1.0,
    "ImagingFrequency": 127.737698999999,
    "ImagedNucleus": "1H",
    "EchoNumbers": 1,
    "MagneticFieldStrength": 3.0,
    "SpacingBetweenSlices": 5.0,
    "NumberOfPhaseEncodingSteps": 237,
    "EchoTrainLength": 38,
    "PercentSampling": 100.0,
    "PercentPhaseFieldOfView": 100.0,
    "PixelBandwidth": 267.0,
    "ReconstructionDiameter": 0.0,
    "ReceiveCoilName": "SENSE-Head-8",
    "AcquisitionMatrix": [
        0,
        256,
        237,
        0
    ],
    "FlipAngle": 90.0,
    "PatientPosition": "HFS",
    "AcquisitionDuration": 180.0,
    "DiffusionBValue": 0.0,
    "DiffusionGradientOrientation": [
        0.0,
        0.0,
        0.0
    ],
    "ImagePositionPatient": [
        -120.83635068182,
        -121.99250212215,
        0.60938938298204
    ],
    "ImageOrientationPatient": [
        0.99279779195785,
        -0.0319008380174,
        0.11547652631998,
        0.06404121965169,
        0.95593535900115,
        -0.2865070700645
    ],
    "Rows": 512,
    "Columns": 512
}