{
    "dataset": "ISLES_22",
    "ImageType": [
        "ORIGINAL",
        "PRIMARY",
        "M_IR",
        "M",
        "IR"
    ],
    "Modality": "MR",
    "Manufacturer": "Philips Medical Systems",
    "ManufacturerModelName": "Achieva",
    "PatientSex": "F",
    "PatientWeight": 58.0,
    "BodyPartExamined": "BRAIN",
    "ScanningSequence": "IR",
    "SequenceVariant": "SK",
    "ScanOptions": "FS",
    "MRAcquisitionType": "2D",
    "SliceThickness": 4.0,
    "RepetitionTime": 12000.0,
    "EchoTime": 140.0,
    "InversionTime": 2850.0,
    "NumberOfAverages": 1.0,
    "ImagingFrequency": 127.739129999999,
    "ImagedNucleus": "1H",
    "EchoNumbers": 1,
    "MagneticFieldStrength": 3.0,
    "SpacingBetweenSlices": 5.0,
    "NumberOfPhaseEncodingSteps": 237,
    "EchoTrainLength": 38,
    "PercentSampling": 100.0,
    "PercentPhaseFieldOfView": 100.0,
    "PixelBandwidth": 253.0,
    "ReconstructionDiameter": 0.0,
    "ReceiveCoilName": "SENSE-NV-16",
    "AcquisitionMatrix": [
        0,
        256,
        237,
        0
    ],
    "FlipAngle": 90.0,
    "PatientPosition": "HFS",
    "AcquisitionDuration": 180.0,
    "DiffusionBValue": 0.0,
    "DiffusionGradientOrientation": [
        0.0,
        0.0,
        0.0
    ],
    "ImagePositionPatient": [
        -110.75775918401,
        -143.34986660457,
        -1.4319355318948
    ],
    "ImageOrientationPatient": [
        0.99963265657424,
        2.4669549736e-10,
        -0.0271027870476,
        0.00258724368177,
        0.99543321132659,
        0.09542536735534
    ],
    "Rows": 512,
    "Columns": 512
}