{
    "dataset": "ISLES_22",
    "ImageType": [
        "ORIGINAL",
        "PRIMARY",
        "ADC_UNSPECIFIED",
        "ADC",
        "UNSPECIFIED"
    ],
    "Modality": "MR",
    "Manufacturer": "Philips Medical Systems",
    "ManufacturerModelName": "Achieva dStream",
    "PatientSex": "M",
    "PatientAge": "079Y",
    "PatientWeight": 70.0,
    "BodyPartExamined": "BRAIN",
    "ScanningSequence": "RM",
    "SequenceVariant": "SK",
    "ScanOptions": "FS",
    "MRAcquisitionType": "2D",
    "SliceThickness": 2.0,
    "RepetitionTime": 9895.4130859375,
    "EchoTime": 55.0,
    "NumberOfAverages": 2.0,
    "ImagingFrequency": 127.763952,
    "ImagedNucleus": "1H",
    "EchoNumbers": 1,
    "MagneticFieldStrength": 3.0,
    "SpacingBetweenSlices": 2.0,
    "NumberOfPhaseEncodingSteps": 110,
    "EchoTrainLength": 55,
    "PercentSampling": 100.0,
    "PercentPhaseFieldOfView": 100.0,
    "PixelBandwidth": 2969.0,
    "ReconstructionDiameter": 224.0,
    "ReceiveCoilName": "MULTI COIL",
    "AcquisitionMatrix": [
        112,
        0,
        0,
        110
    ],
    "FlipAngle": 90.0,
    "PatientPosition": "HFS",
    "AcquisitionDuration": 358.9581604003906,
    "DiffusionBValue": 0.0,
    "DiffusionGradientOrientation": [
        0.0,
        0.0,
        0.0
    ],
    "ImagePositionPatient": [
        -103.02114850934,
        -97.686935004778,
        81.3040615564678
    ],
    "ImageOrientationPatient": [
        0.99826049804687,
        0.03007735311985,
        -0.0507082380354,
        -0.0472440868616,
        0.92261427640914,
        -0.3828196525573
    ],
    "Rows": 256,
    "Columns": 256
}