{
    "dataset": "ISLES_22",
    "ImageType": [
        "ORIGINAL",
        "PRIMARY",
        "ADC_UNSPECIFIED",
        "ADC",
        "UNSPECIFIED"
    ],
    "Modality": "MR",
    "Manufacturer": "Philips Medical Systems",
    "ManufacturerModelName": "Achieva dStream",
    "PatientSex": "M",
    "PatientAge": "066Y",
    "PatientWeight": 68.0,
    "BodyPartExamined": "BRAIN",
    "ScanningSequence": "RM",
    "SequenceVariant": "SK",
    "ScanOptions": "FS",
    "MRAcquisitionType": "2D",
    "SliceThickness": 2.0,
    "RepetitionTime": 5000.00048828125,
    "EchoTime": 78.0,
    "NumberOfAverages": 1.0,
    "ImagingFrequency": 127.757184,
    "ImagedNucleus": "1H",
    "EchoNumbers": 1,
    "MagneticFieldStrength": 3.0,
    "SpacingBetweenSlices": 2.0,
    "NumberOfPhaseEncodingSteps": 110,
    "EchoTrainLength": 55,
    "PercentSampling": 100.0,
    "PercentPhaseFieldOfView": 100.0,
    "PixelBandwidth": 2972.0,
    "ReconstructionDiameter": 224.0,
    "ReceiveCoilName": "MULTI COIL",
    "AcquisitionMatrix": [
        112,
        0,
        0,
        110
    ],
    "FlipAngle": 90.0,
    "PatientPosition": "HFS",
    "AcquisitionDuration": 335.9059753417969,
    "DiffusionBValue": 0.0,
    "DiffusionGradientOrientation": [
        0.0,
        0.0,
        0.0
    ],
    "ImagePositionPatient": [
        -118.19907596334,
        -124.88752289861,
        56.6185027994215
    ],
    "ImageOrientationPatient": [
        0.9994249343872,
        -0.0299429520964,
        0.01591200008988,
        0.03360119834542,
        0.93756926059722,
        -0.3461716771125
    ],
    "Rows": 112,
    "Columns": 112
}