{
    "dataset": "ISLES_22",
    "ImageType": [
        "ORIGINAL",
        "PRIMARY",
        "M_IR",
        "M",
        "IR"
    ],
    "Modality": "MR",
    "Manufacturer": "Philips Medical Systems",
    "ManufacturerModelName": "Achieva dStream",
    "PatientSex": "F",
    "PatientAge": "040Y",
    "PatientWeight": 75.0,
    "BodyPartExamined": "BRAIN",
    "ScanningSequence": "IR",
    "SequenceVariant": "SK",
    "ScanOptions": "FS",
    "MRAcquisitionType": "3D",
    "SliceThickness": 1.0,
    "RepetitionTime": 4800.0,
    "EchoTime": 273.382,
    "InversionTime": 1650.0,
    "NumberOfAverages": 2.0,
    "ImagingFrequency": 127.760832,
    "ImagedNucleus": "1H",
    "EchoNumbers": 1,
    "MagneticFieldStrength": 3.0,
    "SpacingBetweenSlices": 0.712,
    "NumberOfPhaseEncodingSteps": 250,
    "EchoTrainLength": 170,
    "PercentSampling": 77.9164810180664,
    "PercentPhaseFieldOfView": 100.0,
    "PixelBandwidth": 1305.0,
    "ReconstructionDiameter": 250.0,
    "ReceiveCoilName": "MULTI COIL",
    "AcquisitionMatrix": [
        0,
        252,
        250,
        0
    ],
    "FlipAngle": 90.0,
    "PatientPosition": "HFS",
    "AcquisitionDuration": 235.20001220703125,
    "DiffusionBValue": 0.0,
    "DiffusionGradientOrientation": [
        0.0,
        0.0,
        0.0
    ],
    "ImagePositionPatient": [
        36.897324953456,
        -113.7094455815,
        128.472831522447
    ],
    "ImageOrientationPatient": [
        -0.0041095647029,
        0.98741316795349,
        -0.1581085026264,
        -0.0523226782679,
        -0.1581055819988,
        -0.9860349893569
    ],
    "Rows": 352,
    "Columns": 352
}