{
    "dataset": "ISLES_22",
    "ImageType": [
        "ORIGINAL",
        "PRIMARY",
        "ADC",
        "ADC",
        "UNSPECIFIED"
    ],
    "Modality": "MR",
    "Manufacturer": "Philips Medical Systems",
    "ManufacturerModelName": "Achieva",
    "PatientSex": "F",
    "PatientWeight": 60.0,
    "BodyPartExamined": "BRAIN",
    "ScanningSequence": "RM",
    "SequenceVariant": "SK",
    "ScanOptions": "FS",
    "MRAcquisitionType": "2D",
    "SliceThickness": 2.0,
    "RepetitionTime": 10749.3740234375,
    "EchoTime": 55.0,
    "NumberOfAverages": 2.0,
    "ImagingFrequency": 127.738972999999,
    "ImagedNucleus": "1H",
    "EchoNumbers": 1,
    "MagneticFieldStrength": 3.0,
    "SpacingBetweenSlices": 2.0,
    "NumberOfPhaseEncodingSteps": 112,
    "EchoTrainLength": 59,
    "PercentSampling": 100.0,
    "PercentPhaseFieldOfView": 100.0,
    "PixelBandwidth": 2970.0,
    "ReconstructionDiameter": 0.0,
    "ReceiveCoilName": "SENSE-Head-8",
    "AcquisitionMatrix": [
        112,
        0,
        0,
        112
    ],
    "FlipAngle": 90.0,
    "PatientPosition": "HFS",
    "AcquisitionDuration": 387.14892578125,
    "DiffusionBValue": 0.0,
    "DiffusionGradientOrientation": [
        0.0,
        0.0,
        0.0
    ],
    "ImagePositionPatient": [
        -119.36834174953,
        -118.46697429567,
        -44.06604129821
    ],
    "ImageOrientationPatient": [
        0.99256169795989,
        -0.0754973888397,
        0.09550628066062,
        0.09131953120231,
        0.98050916194915,
        -0.1739611327648
    ],
    "Rows": 256,
    "Columns": 256
}