{
    "dataset": "ISLES_22",
    "ImageType": [
        "ORIGINAL",
        "PRIMARY",
        "M_SE",
        "M",
        "SE"
    ],
    "Modality": "MR",
    "Manufacturer": "Philips Medical Systems",
    "ManufacturerModelName": "Achieva dStream",
    "PatientSex": "M",
    "PatientAge": "081Y",
    "PatientWeight": 75.0,
    "BodyPartExamined": "BRAIN",
    "ScanningSequence": "SE",
    "SequenceVariant": "SK",
    "ScanOptions": "FS",
    "MRAcquisitionType": "2D",
    "SliceThickness": 2.0,
    "RepetitionTime": 5000.00048828125,
    "EchoTime": 78.0,
    "NumberOfAverages": 1.0,
    "ImagingFrequency": 127.758176,
    "ImagedNucleus": "1H",
    "EchoNumbers": 1,
    "MagneticFieldStrength": 3.0,
    "SpacingBetweenSlices": 2.0,
    "NumberOfPhaseEncodingSteps": 110,
    "EchoTrainLength": 55,
    "PercentSampling": 100.0,
    "PercentPhaseFieldOfView": 100.0,
    "PixelBandwidth": 2974.0,
    "ReconstructionDiameter": 224.0,
    "ReceiveCoilName": "MULTI COIL",
    "AcquisitionMatrix": [
        112,
        0,
        0,
        110
    ],
    "FlipAngle": 90.0,
    "PatientPosition": "HFS",
    "AcquisitionDuration": 335.9059753417969,
    "DiffusionBValue": 1000.0,
    "DiffusionGradientOrientation": [
        0.0,
        0.0,
        0.0
    ],
    "ImagePositionPatient": [
        -119.26721861958,
        -91.401244916021,
        74.7479468882084
    ],
    "ImageOrientationPatient": [
        0.99692326784133,
        -0.0396129265427,
        -0.0676369667053,
        0.01582351326942,
        0.94684219360351,
        -0.321308940649
    ],
    "Rows": 112,
    "Columns": 112
}