{
    "dataset": "ISLES_22",
    "ImageType": [
        "ORIGINAL",
        "PRIMARY",
        "M_SE",
        "M",
        "SE"
    ],
    "Modality": "MR",
    "Manufacturer": "Philips Medical Systems",
    "ManufacturerModelName": "Achieva dStream",
    "PatientSex": "M",
    "PatientAge": "063Y",
    "PatientWeight": 90.0,
    "BodyPartExamined": "BRAIN",
    "ScanningSequence": "SE",
    "SequenceVariant": "SK",
    "ScanOptions": "FS",
    "MRAcquisitionType": "2D",
    "SliceThickness": 2.0,
    "RepetitionTime": 3835.2412109375,
    "EchoTime": 58.0,
    "NumberOfAverages": 2.0,
    "ImagingFrequency": 127.756968,
    "ImagedNucleus": "1H",
    "EchoNumbers": 1,
    "MagneticFieldStrength": 3.0,
    "SpacingBetweenSlices": 2.0,
    "NumberOfPhaseEncodingSteps": 110,
    "EchoTrainLength": 55,
    "PercentSampling": 100.0,
    "PercentPhaseFieldOfView": 100.0,
    "PixelBandwidth": 2084.0,
    "ReconstructionDiameter": 224.0,
    "ReceiveCoilName": "MULTI COIL",
    "AcquisitionMatrix": [
        112,
        0,
        0,
        110
    ],
    "FlipAngle": 90.0,
    "PatientPosition": "HFS",
    "AcquisitionDuration": 57.720787048339844,
    "DiffusionBValue": 1000.0,
    "DiffusionGradientOrientation": [
        0.0,
        0.0,
        0.0
    ],
    "ImagePositionPatient": [
        -122.64177514112,
        -110.22513799014,
        117.458832663018
    ],
    "ImageOrientationPatient": [
        0.9968591928482,
        -0.0066942917183,
        0.07891068607568,
        0.01834582723677,
        0.98883640766143,
        -0.1478715986013
    ],
    "Rows": 256,
    "Columns": 256
}