{
    "dataset": "ISLES_22",
    "ImageType": [
        "ORIGINAL",
        "PRIMARY",
        "M_SE",
        "M",
        "SE"
    ],
    "Modality": "MR",
    "Manufacturer": "Philips Medical Systems",
    "ManufacturerModelName": "Achieva",
    "PatientSex": "M",
    "PatientWeight": 84.0,
    "BodyPartExamined": "BRAIN",
    "ScanningSequence": "SE",
    "SequenceVariant": "SK",
    "ScanOptions": "FS",
    "MRAcquisitionType": "2D",
    "SliceThickness": 2.0,
    "RepetitionTime": 10735.9052734375,
    "EchoTime": 55.0,
    "NumberOfAverages": 2.0,
    "ImagingFrequency": 127.737804,
    "ImagedNucleus": "1H",
    "EchoNumbers": 1,
    "MagneticFieldStrength": 3.0,
    "SpacingBetweenSlices": 2.0,
    "NumberOfPhaseEncodingSteps": 112,
    "EchoTrainLength": 59,
    "PercentSampling": 100.0,
    "PercentPhaseFieldOfView": 100.0,
    "PixelBandwidth": 2970.0,
    "ReconstructionDiameter": 0.0,
    "ReceiveCoilName": "SENSE-NV-16",
    "AcquisitionMatrix": [
        112,
        0,
        0,
        112
    ],
    "FlipAngle": 90.0,
    "PatientPosition": "HFS",
    "AcquisitionDuration": 386.7044372558594,
    "DiffusionBValue": 800.0,
    "DiffusionGradientOrientation": [
        0.0,
        0.0,
        0.0
    ],
    "ImagePositionPatient": [
        -109.22185682234,
        -144.98406985023,
        -20.925055322237
    ],
    "ImageOrientationPatient": [
        0.99876743555068,
        -0.0109904492273,
        -0.0484021306037,
        0.00490009551867,
        0.99224609136581,
        -0.1241923421621
    ],
    "Rows": 256,
    "Columns": 256
}